PATH
  remote: .
  specs:
    ibge-ruby (0.0.0)
      rest-client (~> 2.0.2)

GEM
  remote: https://rubygems.org/
  specs:
    byebug (11.1.3)
    coderay (1.1.3)
    domain_name (0.5.20190701)
      unf (>= 0.0.5, < 1.0.0)
    http-cookie (1.0.4)
      domain_name (~> 0.5)
    method_source (1.0.0)
    mime-types (3.4.1)
      mime-types-data (~> 3.2015)
    mime-types-data (3.2021.1115)
    netrc (0.11.0)
    pry (0.14.1)
      coderay (~> 1.1)
      method_source (~> 1.0)
    rest-client (2.0.2)
      http-cookie (>= 1.0.2, < 2.0)
      mime-types (>= 1.16, < 4.0)
      netrc (~> 0.8)
    unf (0.1.4)
      unf_ext
    unf_ext (0.0.8)

PLATFORMS
  x86_64-linux

DEPENDENCIES
  bundler (~> 2.0)
  byebug
  ibge-ruby!
  pry

BUNDLED WITH
   2.2.21
